GEM
  specs:
    artii (2.1.2)

PLATFORMS
  ruby

DEPENDENCIES
  artii (~> 2.1)

BUNDLED WITH
   1.16.4
